PATH
  remote: .
  specs:
    sql_assess (0.1.0)
      activesupport
      mysql2
      pg_query
      sql-parser-vlad (~> 0.0.4)

GEM
  remote: https://rubygems.org/
  specs:
    activesupport (5.1.5)
      concurrent-ruby (~> 1.0, >= 1.0.2)
      i18n (~> 0.7)
      minitest (~> 5.1)
      tzinfo (~> 1.1)
    codecov (0.1.10)
      json
      simplecov
      url
    coderay (1.1.2)
    concurrent-ruby (1.0.5)
    diff-lcs (1.3)
    docile (1.1.5)
    i18n (0.9.5)
      concurrent-ruby (~> 1.0)
    json (2.1.0)
    method_source (0.9.0)
    minitest (5.11.3)
    mysql2 (0.4.10)
    pg_query (1.0.1)
    pry (0.11.3)
      coderay (~> 1.1.0)
      method_source (~> 0.9.0)
    racc (1.4.12)
    rake (10.5.0)
    rspec (3.7.0)
      rspec-core (~> 3.7.0)
      rspec-expectations (~> 3.7.0)
      rspec-mocks (~> 3.7.0)
    rspec-core (3.7.0)
      rspec-support (~> 3.7.0)
    rspec-expectations (3.7.0)
      diff-lcs (>= 1.2.0, < 2.0)
      rspec-support (~> 3.7.0)
    rspec-mocks (3.7.0)
      diff-lcs (>= 1.2.0, < 2.0)
      rspec-support (~> 3.7.0)
    rspec-support (3.7.0)
    simplecov (0.15.1)
      docile (~> 1.1.0)
      json (>= 1.8, < 3)
      simplecov-html (~> 0.10.0)
    simplecov-html (0.10.2)
    sql-parser-vlad (0.0.4)
      racc (= 1.4.12)
    thread_safe (0.3.6)
    tzinfo (1.2.5)
      thread_safe (~> 0.1)
    url (0.3.2)

PLATFORMS
  ruby

DEPENDENCIES
  bundler (~> 1.16)
  codecov
  pry
  rake (~> 10.0)
  rspec (~> 3.0)
  sql_assess!

BUNDLED WITH
   1.16.0
